GEM
  remote: https://rubygems.org/
  specs:
    binding_of_caller (0.8.0)
      debug_inspector (>= 0.0.1)
    coderay (1.1.2)
    debug_inspector (0.0.3)
    method_source (0.9.2)
    pry (0.12.2)
      coderay (~> 1.1.0)
      method_source (~> 0.9.0)
    pry-moves (0.1.12)
      binding_of_caller (~> 0.7)
      pry (>= 0.10.4, < 1)
    sqlite3 (1.3.13)

PLATFORMS
  ruby

DEPENDENCIES
  pry-moves
  sqlite3 (~> 1.3.6)

BUNDLED WITH
   2.0.2
